GEM
  remote: https://rubygems.org/
  specs:
    activesupport (4.0.1)
      i18n (~> 0.6, >= 0.6.4)
      minitest (~> 4.2)
      multi_json (~> 1.3)
      thread_safe (~> 0.1)
      tzinfo (~> 0.3.37)
    addressable (2.3.5)
    akami (1.2.0)
      gyoku (>= 0.4.0)
      nokogiri (>= 1.4.0)
    atomic (1.1.14)
    builder (3.2.2)
    celluloid (0.15.2)
      timers (~> 1.1.0)
    celluloid-io (0.15.0)
      celluloid (>= 0.15.0)
      nio4r (>= 0.5.0)
    coderay (1.1.0)
    commander (4.1.6)
      highline (~> 1.6.11)
    coveralls (0.7.0)
      multi_json (~> 1.3)
      rest-client
      simplecov (>= 0.7)
      term-ansicolor
      thor
    crack (0.4.1)
      safe_yaml (~> 0.9.0)
    diff-lcs (1.2.5)
    docile (1.1.0)
    ffi (1.9.3)
    formatador (0.2.4)
    guard (2.5.1)
      formatador (>= 0.2.4)
      listen (~> 2.6)
      lumberjack (~> 1.0)
      pry (>= 0.9.12)
      thor (>= 0.18.1)
    guard-rspec (4.2.8)
      guard (~> 2.1)
      rspec (>= 2.14, < 4.0)
    gyoku (1.0.0)
      builder (>= 2.1.2)
    highline (1.6.21)
    httparty (0.12.0)
      json (~> 1.8)
      multi_xml (>= 0.5.2)
    httpi (2.0.2)
      rack
    i18n (0.6.5)
    json (1.8.1)
    listen (2.7.0)
      celluloid (>= 0.15.2)
      celluloid-io (>= 0.15.0)
      rb-fsevent (>= 0.9.3)
      rb-inotify (>= 0.9)
    lockfile (2.1.0)
    lumberjack (1.0.4)
    mail (2.2.7)
      activesupport (>= 2.3.6)
      mime-types
      treetop (>= 1.4.5)
    method_source (0.8.2)
    mime-types (2.0)
    mini_portile (0.5.2)
    minitest (4.7.5)
    multi_json (1.8.2)
    multi_xml (0.5.5)
    nio4r (1.0.0)
    nokogiri (1.6.0)
      mini_portile (~> 0.5.0)
    nori (2.1.0)
    polyglot (0.3.3)
    pry (0.9.12.6)
      coderay (~> 1.0)
      method_source (~> 0.8)
      slop (~> 3.4)
    rack (1.5.2)
    rake (10.1.0)
    rb-fsevent (0.9.4)
    rb-inotify (0.9.3)
      ffi (>= 0.5.0)
    rb-readline (0.5.1)
    rest-client (1.6.7)
      mime-types (>= 1.16)
    rspec (2.14.1)
      rspec-core (~> 2.14.0)
      rspec-expectations (~> 2.14.0)
      rspec-mocks (~> 2.14.0)
    rspec-core (2.14.8)
    rspec-expectations (2.14.5)
      diff-lcs (>= 1.1.3, < 2.0)
    rspec-mocks (2.14.6)
    safe_yaml (0.9.7)
    savon (2.2.0)
      akami (~> 1.2.0)
      builder (>= 2.1.2)
      gyoku (~> 1.0.0)
      httpi (~> 2.0.2)
      nokogiri (>= 1.4.0)
      nori (~> 2.1.0)
      wasabi (~> 3.1.0)
    simplecov (0.8.1)
      docile (~> 1.1.0)
      lockfile (>= 2.1.0)
      multi_json
      simplecov-html (~> 0.8.0)
    simplecov-html (0.8.0)
    slop (3.4.7)
    term-ansicolor (1.2.2)
      tins (~> 0.8)
    thor (0.18.1)
    thread_safe (0.1.3)
      atomic
    timers (1.1.0)
    tins (0.13.1)
    treetop (1.4.15)
      polyglot
      polyglot (>= 0.3.1)
    tzinfo (0.3.38)
    vcr (2.7.0)
    wasabi (3.1.0)
      httpi (~> 2.0)
      nokogiri (>= 1.4.0)
    webmock (1.15.2)
      addressable (>= 2.2.7)
      crack (>= 0.3.2)

PLATFORMS
  ruby

DEPENDENCIES
  celluloid
  commander
  coveralls
  guard-rspec
  httparty
  mail
  nokogiri
  pry
  rake
  rb-readline (~> 0.5.0)
  rspec
  rspec-expectations
  rspec-mocks
  savon (~> 2.0)
  vcr
  webmock
